GEM
  remote: https://rubygems.org/
  specs:
    cpf_cnpj (0.5.0)

PLATFORMS
  x64-mingw-ucrt

DEPENDENCIES
  cpf_cnpj (~> 0.5.0)

BUNDLED WITH
   2.5.18
